GIT
  remote: https://github.com/boffinism/arcana.git
  revision: e619150f0bf9efbd78bae8b5b9420efadab5adbc
  tag: v0.0.1
  specs:
    arcana (0.0.1)

GIT
  remote: https://github.com/boffinism/thinginess.git
  revision: 08e32b58736387981754576b0f035237c69871b7
  tag: v0.0.1
  specs:
    thinginess (0.0.1)

GEM
  remote: https://rubygems.org/
  specs:
    ast (2.2.0)
    byebug (9.0.4)
    diff-lcs (1.2.5)
    parser (2.3.1.0)
      ast (~> 2.2)
    powerpack (0.1.1)
    rainbow (2.1.0)
    rspec (3.4.0)
      rspec-core (~> 3.4.0)
      rspec-expectations (~> 3.4.0)
      rspec-mocks (~> 3.4.0)
    rspec-core (3.4.4)
      rspec-support (~> 3.4.0)
    rspec-expectations (3.4.0)
      diff-lcs (>= 1.2.0, < 2.0)
      rspec-support (~> 3.4.0)
    rspec-mocks (3.4.1)
      diff-lcs (>= 1.2.0, < 2.0)
      rspec-support (~> 3.4.0)
    rspec-support (3.4.1)
    rubocop (0.40.0)
      parser (>= 2.3.1.0, < 3.0)
      powerpack (~> 0.1)
      rainbow (>= 1.99.1, < 3.0)
      ruby-progressbar (~> 1.7)
      unicode-display_width (~> 1.0, >= 1.0.1)
    ruby-progressbar (1.8.1)
    unicode-display_width (1.0.5)

PLATFORMS
  ruby

DEPENDENCIES
  arcana!
  byebug
  rspec
  rubocop
  thinginess!

BUNDLED WITH
   1.10.5
